PATH
  remote: /Users/ThoughtWorks/Projects/taza
  specs:
    taza (0.0.1)
      Selenium (~> 1.1.14)
      firewatir (~> 1.2.1)
      mocha (~> 0.9.3)
      rake (~> 0.8.3)
      rspec (~> 2.6)
      rubigen (~> 1.5.6)
      user-choices (~> 1.1.6.1)
      watir-webdriver (~> 0.3.1)

GEM
  remote: http://rubygems.org/
  specs:
    Selenium (1.1.14)
    activesupport (3.1.2)
      multi_json (~> 1.0)
    builder (3.0.0)
    childprocess (0.2.2)
      ffi (~> 1.0.6)
    cucumber (1.1.2)
      builder (>= 2.1.2)
      diff-lcs (>= 1.1.2)
      gherkin (~> 2.6.2)
      json (>= 1.4.6)
      term-ansicolor (>= 1.0.6)
    diff-lcs (1.1.3)
    ffi (1.0.11)
    firewatir (1.2.1)
    gherkin (2.6.5)
      json (>= 1.4.6)
    hoe (2.12.3)
      rake (~> 0.8)
    i18n (0.6.0)
    json (1.6.1)
    json_pure (1.6.1)
    mocha (0.9.12)
    multi_json (1.0.3)
    rack (1.3.5)
    rack-protection (1.1.4)
      rack
    rake (0.8.7)
    rspec (2.7.0)
      rspec-core (~> 2.7.0)
      rspec-expectations (~> 2.7.0)
      rspec-mocks (~> 2.7.0)
    rspec-core (2.7.1)
    rspec-expectations (2.7.0)
      diff-lcs (~> 1.1.2)
    rspec-mocks (2.7.0)
    rubigen (1.5.6)
      activesupport (>= 2.3.5)
      i18n
    rubyzip (0.9.4)
    s4t-utils (1.0.4)
      hoe (>= 1.3.0)
    selenium-webdriver (2.12.1)
      childprocess (>= 0.2.1)
      ffi (~> 1.0.9)
      json_pure
      rubyzip
    sim_launcher (0.3.5)
      sinatra
    sinatra (1.3.1)
      rack (~> 1.3, >= 1.3.4)
      rack-protection (~> 1.1, >= 1.1.2)
      tilt (~> 1.3, >= 1.3.3)
    term-ansicolor (1.0.7)
    tilt (1.3.3)
    user-choices (1.1.6.1)
      builder (>= 2.1.2)
      s4t-utils (>= 1.0.3)
      xml-simple (>= 1.0.11)
    watir-webdriver (0.3.9)
      selenium-webdriver (>= 2.12.0)
    xml-simple (1.1.1)

PLATFORMS
  ruby

DEPENDENCIES
  cucumber
  selenium-webdriver
  sim_launcher
  taza!
  watir
